PATH
  remote: .
  specs:
    utf8_serialize (1.0.0)
      activerecord (~> 4.0.13)

GEM
  remote: https://rubygems.org/
  specs:
    activemodel (4.0.13)
      activesupport (= 4.0.13)
      builder (~> 3.1.0)
    activerecord (4.0.13)
      activemodel (= 4.0.13)
      activerecord-deprecated_finders (~> 1.0.2)
      activesupport (= 4.0.13)
      arel (~> 4.0.0)
    activerecord-deprecated_finders (1.0.4)
    activesupport (4.0.13)
      i18n (~> 0.6, >= 0.6.9)
      minitest (~> 4.2)
      multi_json (~> 1.3)
      thread_safe (~> 0.1)
      tzinfo (~> 0.3.37)
    arel (4.0.2)
    builder (3.1.4)
    diff-lcs (1.2.4)
    i18n (0.7.0)
    minitest (4.7.5)
    multi_json (1.11.2)
    rake (10.0.4)
    rspec (2.13.0)
      rspec-core (~> 2.13.0)
      rspec-expectations (~> 2.13.0)
      rspec-mocks (~> 2.13.0)
    rspec-core (2.13.1)
    rspec-expectations (2.13.0)
      diff-lcs (>= 1.1.3, < 2.0)
    rspec-mocks (2.13.1)
    sqlite3 (1.3.11)
    sqlite3-ruby (1.3.3)
      sqlite3 (>= 1.3.3)
    thread_safe (0.3.5)
    tzinfo (0.3.46)

PLATFORMS
  ruby

DEPENDENCIES
  rake
  rspec
  sqlite3-ruby
  utf8_serialize!

BUNDLED WITH
   1.11.2
